GIT
  remote: git://github.com/indirect/staticmatic.git
  revision: 489d81927b8f1dfa2e8610840a3bec4c78916061
  specs:
    staticmatic (0.11.0.alpha.8)
      compass (>= 0.10.0)
      haml (>= 2.0.0)
      rack (>= 1.0)

GEM
  remote: http://rubygems.org/
  specs:
    compass (0.10.6)
      haml (>= 3.0.4)
    haml (3.0.24)
    hpricot (0.8.3)
    mustache (0.11.2)
    rack (1.2.1)
    rdiscount (1.6.5)
    ronn (0.7.3)
      hpricot (>= 0.8.2)
      mustache (>= 0.7.0)
      rdiscount (>= 1.5.8)
    spox-plist (3.0.1)
    spox-textpow (0.10.3)
      spox-plist
    spox-ultraviolet (0.10.5)
      spox-textpow

PLATFORMS
  ruby

DEPENDENCIES
  compass (~> 0.10.0)
  haml (~> 3.0.0)
  ronn
  spox-ultraviolet
  staticmatic (~> 0.11.0.alpha)!
