GIT
  remote: git://github.com/indirect/staticmatic.git
  revision: 489d81927b8f1dfa2e8610840a3bec4c78916061
  specs:
    staticmatic (0.11.0.alpha.8)
      compass (>= 0.10.0)
      haml (>= 2.0.0)
      rack (>= 1.0)

GIT
  remote: git://github.com/wycats/ultraviolet.git
  revision: 8603d41ba99681248cac6cea6e0744b702a8d300
  specs:
    ultraviolet (0.10.5)
      spox-textpow

GEM
  remote: http://rubygems.org/
  specs:
    chunky_png (1.2.5)
    compass (0.11.7)
      chunky_png (~> 1.2)
      fssm (>= 0.2.7)
      sass (~> 3.1)
    fssm (0.2.9)
    haml (3.1.6)
    highline (1.6.8)
    hpricot (0.8.3)
    mustache (0.11.2)
    rack (1.4.1)
    rdiscount (1.6.5)
    ronn (0.7.3)
      hpricot (>= 0.8.2)
      mustache (>= 0.7.0)
      rdiscount (>= 1.5.8)
    sass (3.1.19)
    spox-plist (3.0.1)
    spox-textpow (0.10.3)
      spox-plist

PLATFORMS
  ruby

DEPENDENCIES
  compass (~> 0.11.7)
  highline
  ronn
  sass
  staticmatic (~> 0.11.0.alpha)!
  ultraviolet!
